GEM
  remote: https://rubygems.org/
  specs:
    addressable (2.3.4)
    chunky_png (1.2.8)
    compass (0.12.2)
      chunky_png (~> 1.2)
      fssm (>= 0.2.7)
      sass (~> 3.1)
    css_parser (1.3.4)
      addressable
    fssm (0.2.10)
    sass (3.2.9)

PLATFORMS
  ruby

DEPENDENCIES
  compass (~> 0.12.2)
  css_parser (~> 1.3.4)
